PATH
  remote: .
  specs:
    capstrap (0.3.0)
      capistrano (~> 2.5.19)
      thor (~> 0.14.3)

GEM
  remote: http://rubygems.org/
  specs:
    capistrano (2.5.19)
      highline
      net-scp (>= 1.0.0)
      net-sftp (>= 2.0.0)
      net-ssh (>= 2.0.14)
      net-ssh-gateway (>= 1.0.0)
    diff-lcs (1.1.2)
    highline (1.6.1)
    net-scp (1.0.4)
      net-ssh (>= 1.99.1)
    net-sftp (2.0.5)
      net-ssh (>= 2.0.9)
    net-ssh (2.0.23)
    net-ssh-gateway (1.0.1)
      net-ssh (>= 1.99.1)
    rspec (2.1.0)
      rspec-core (~> 2.1.0)
      rspec-expectations (~> 2.1.0)
      rspec-mocks (~> 2.1.0)
    rspec-core (2.1.0)
    rspec-expectations (2.1.0)
      diff-lcs (~> 1.1.2)
    rspec-mocks (2.1.0)
    thor (0.14.3)
    yard (0.6.3)

PLATFORMS
  ruby

DEPENDENCIES
  capistrano (~> 2.5.19)
  capstrap!
  rspec (~> 2.1.0)
  thor (~> 0.14.3)
  yard (~> 0.6.3)
